PATH
  remote: .
  specs:
    celestina_bot (0.0.1)
      grackle (~> 0.3.0)

GEM
  remote: https://rubygems.org/
  specs:
    grackle (0.3.0)
      json
      mime-types
      oauth
    json (1.7.7)
    mime-types (1.22)
    oauth (0.4.7)
    rake (10.0.4)

PLATFORMS
  ruby

DEPENDENCIES
  bundler (~> 1.3)
  celestina_bot!
  rake
